GEM
  remote: http://rubygems.org/
  specs:
    archive-tar-minitar (0.5.2)
    diff-lcs (1.2.4)
    flexmock (1.3.2)
    hoe (2.8.0)
      rake (>= 0.8.7)
    hoe-git (1.3.0)
      hoe (>= 2.2.0)
    metaid (1.0)
    rake (0.8.7)
    rspec (2.14.1)
      rspec-core (~> 2.14.0)
      rspec-expectations (~> 2.14.0)
      rspec-mocks (~> 2.14.0)
    rspec-core (2.14.6)
    rspec-expectations (2.14.3)
      diff-lcs (>= 1.1.3, < 2.0)
    rspec-mocks (2.14.4)

PLATFORMS
  ruby

DEPENDENCIES
  archive-tar-minitar
  flexmock
  hoe
  hoe-git
  metaid
  rspec (~> 2.0)
